GIT
  remote: git://github.com/cucumber/cucumber-rails.git
  revision: 1afe5fa1c20f47d9662990dbe4b61d0f6f3b2395
  branch: rails-2.3.x
  specs:
    cucumber-rails (0.3.3)
      cucumber (~> 1.1.0)

GIT
  remote: git://github.com/reidab/rwikibot.git
  revision: 46ff7a2ff82b86bcd416983d53d40315a4aaadf5
  specs:
    rwikibot (2.0.6)
      deep_merge (> 0.0.0)
      xml-simple (> 0.0.0)

GEM
  remote: https://rubygems.org/
  specs:
    Ascii85 (1.0.2)
    RedCloth (4.2.9)
    aasm (2.1.5)
    action_mailer_tls (1.1.3)
    actionmailer (2.3.18)
      actionpack (= 2.3.18)
    actionpack (2.3.18)
      activesupport (= 2.3.18)
      rack (~> 1.1.0)
    activerecord (2.3.18)
      activesupport (= 2.3.18)
    activeresource (2.3.18)
      activesupport (= 2.3.18)
    activesupport (2.3.18)
    acts-as-taggable-on (1.1.5)
    afm (0.2.0)
    builder (3.2.2)
    capistrano (2.15.5)
      highline
      net-scp (>= 1.0.0)
      net-sftp (>= 2.0.0)
      net-ssh (>= 2.0.14)
      net-ssh-gateway (>= 1.1.0)
    capistrano-ext (1.2.1)
      capistrano (>= 1.0.0)
    cocaine (0.4.2)
    color (1.4.2)
    columnize (0.3.6)
    comma (0.3.2)
      activesupport (>= 2.2.2)
    cucumber (1.1.9)
      builder (>= 2.1.2)
      diff-lcs (>= 1.1.2)
      gherkin (~> 2.9.0)
      json (>= 1.4.6)
      term-ansicolor (>= 1.0.6)
    database_cleaner (0.4.3)
    debugger (1.6.1)
      columnize (>= 0.3.1)
      debugger-linecache (~> 1.2.0)
      debugger-ruby_core_source (~> 1.2.3)
    debugger-linecache (1.2.0)
    debugger-ruby_core_source (1.2.3)
    deep_merge (1.0.0)
    diff-lcs (1.2.4)
    facets (2.8.4)
    factory_girl (1.2.4)
    fastercsv (1.5.5)
    gchartrb (0.8)
    gherkin (2.9.3)
      json (>= 1.4.6)
    hashery (2.1.1)
    highline (1.6.19)
    hoe (3.7.1)
      rake (>= 0.8, < 11.0)
    hpricot (0.8.6)
    json (1.8.0)
    linecache (0.46)
      rbx-require-relative (> 0.0.4)
    mime-types (1.25)
    multi_json (1.7.9)
    mysql (2.8.1)
    net-scp (1.1.2)
      net-ssh (>= 2.6.5)
    net-sftp (2.1.2)
      net-ssh (>= 2.6.5)
    net-ssh (2.6.8)
    net-ssh-gateway (1.2.0)
      net-ssh (>= 2.6.5)
    nokogiri (1.5.10)
    paperclip (2.3.16)
      activerecord (>= 2.3.0)
      activesupport (>= 2.3.2)
      cocaine (>= 0.0.2)
      mime-types
    pdf-reader (1.3.3)
      Ascii85 (~> 1.0.0)
      afm (~> 0.2.0)
      hashery (~> 2.0)
      ruby-rc4
      ttfunk
    prawn (0.11.1)
      pdf-reader (>= 0.9.0)
      ttfunk (~> 1.0.0)
    rack (1.1.6)
    rack-openid (1.3.1)
      rack (>= 1.1.0)
      ruby-openid (>= 2.1.8)
    rack-test (0.6.2)
      rack (>= 1.0)
    rails (2.3.18)
      actionmailer (= 2.3.18)
      actionpack (= 2.3.18)
      activerecord (= 2.3.18)
      activeresource (= 2.3.18)
      activesupport (= 2.3.18)
      rake (>= 0.8.3)
    rake (0.8.7)
    rbx-require-relative (0.0.9)
    rcov (1.0.0)
    right_aws (1.10.0)
      right_http_connection (>= 1.2.4)
    right_http_connection (1.4.0)
    rspec (1.3.2)
    rspec-rails (1.3.4)
      rack (>= 1.0.0)
      rspec (~> 1.3.1)
    ruby-debug (0.10.4)
      columnize (>= 0.1)
      ruby-debug-base (~> 0.10.4.0)
    ruby-debug-base (0.10.4)
      linecache (>= 0.3)
    ruby-openid (2.1.8)
    ruby-rc4 (0.1.5)
    simplecov (0.7.1)
      multi_json (~> 1.0)
      simplecov-html (~> 0.7.1)
    simplecov-html (0.7.1)
    sqlite3-ruby (1.2.5)
    term-ansicolor (1.2.2)
      tins (~> 0.8)
    test-unit (1.2.3)
      hoe (>= 1.5.1)
    tins (0.9.0)
    ttfunk (1.0.3)
    vpim (0.695)
    webrat (0.7.3)
      nokogiri (>= 1.2.0)
      rack (>= 1.0)
      rack-test (>= 0.5.3)
    xml-simple (1.1.2)

PLATFORMS
  ruby

DEPENDENCIES
  RedCloth (~> 4.2.3)
  aasm (~> 2.1.5)
  action_mailer_tls (~> 1.1.3)
  acts-as-taggable-on (= 1.1.5)
  capistrano
  capistrano-ext
  color (~> 1.4.1)
  comma (~> 0.3.2)
  cucumber-rails!
  database_cleaner (~> 0.4.3)
  debugger
  facets (~> 2.8.0)
  factory_girl (~> 1.2.4)
  fastercsv (~> 1.5.3)
  gchartrb (~> 0.8.0)
  hpricot (~> 0.8.2)
  mysql (~> 2.8.0)
  nokogiri (~> 1.5.10)
  paperclip (~> 2.3.1)
  prawn (= 0.11.1)
  rack-openid (~> 1.3.1)
  rails (~> 2.3.18)
  rake (~> 0.8.7)
  rcov
  right_aws (~> 1.0)
  rspec (~> 1.3.2)
  rspec-rails (~> 1.3.2)
  ruby-debug
  ruby-openid (~> 2.1.0)
  rwikibot (= 2.0.6)!
  simplecov
  sqlite3-ruby (~> 1.2.0)
  test-unit (~> 1.2.3)
  vpim (= 0.695)
  webrat (~> 0.7.0)
